PATH
  remote: .
  specs:
    VeloCloud (0.1.0)
      active_attr (~> 0.13.0)
      awrence (~> 1.1.1)
      httparty (~> 0.16.4)
      plissken (~> 1.3.0)

GEM
  remote: https://rubygems.org/
  specs:
    active_attr (0.13.1)
      activemodel (>= 3.0.2, < 6.1)
      activesupport (>= 3.0.2, < 6.1)
    activemodel (6.0.6.1)
      activesupport (= 6.0.6.1)
    activesupport (6.0.6.1)
      concurrent-ruby (~> 1.0, >= 1.0.2)
      i18n (>= 0.7, < 2)
      minitest (~> 5.1)
      tzinfo (~> 1.1)
      zeitwerk (~> 2.2, >= 2.2.2)
    awrence (1.1.1)
    concurrent-ruby (1.1.10)
    diff-lcs (1.3)
    httparty (0.16.4)
      mime-types (~> 3.0)
      multi_xml (>= 0.5.2)
    i18n (1.12.0)
      concurrent-ruby (~> 1.0)
    mime-types (3.4.1)
      mime-types-data (~> 3.2015)
    mime-types-data (3.2022.0105)
    minitest (5.17.0)
    multi_xml (0.6.0)
    plissken (1.3.1)
    rake (13.0.1)
    rspec (3.8.0)
      rspec-core (~> 3.8.0)
      rspec-expectations (~> 3.8.0)
      rspec-mocks (~> 3.8.0)
    rspec-core (3.8.0)
      rspec-support (~> 3.8.0)
    rspec-expectations (3.8.2)
      diff-lcs (>= 1.2.0, < 2.0)
      rspec-support (~> 3.8.0)
    rspec-mocks (3.8.0)
      diff-lcs (>= 1.2.0, < 2.0)
      rspec-support (~> 3.8.0)
    rspec-support (3.8.0)
    thread_safe (0.3.6)
    tzinfo (1.2.10)
      thread_safe (~> 0.1)
    zeitwerk (2.6.6)

PLATFORMS
  ruby
  x64-mingw32

DEPENDENCIES
  VeloCloud!
  bundler (~> 1.17)
  rake (~> 13.0)
  rspec (~> 3.0)

BUNDLED WITH
   1.17.3
